GEM
  remote: https://rubygems.org/
  specs:
    dotenv (2.0.2)
    foreman (0.78.0)
      thor (~> 0.19.1)
    puma (2.11.3)
      rack (>= 1.1, < 2.0)
    rack (1.6.4)
    thor (0.19.1)

PLATFORMS
  ruby

DEPENDENCIES
  dotenv
  foreman
  puma

BUNDLED WITH
   1.10.6
